GIT
  remote: https://github.com/Roman2K/metacli.git
  revision: 28d4ca7a3f9975f1087d3612fd4eb002db345f5c
  specs:
    metacli (0.1.0)

GIT
  remote: https://github.com/Roman2K/utils-ruby.git
  revision: 1ce688bdca8aa91baf6c9ad3df964e22c366500d
  specs:
    utils-ruby (0.1.0)
      net_http_unix (~> 0.2)

GEM
  remote: https://rubygems.org/
  specs:
    net_http_unix (0.2.2)
    pg (1.2.3)
    sequel (5.45.0)

PLATFORMS
  x86_64-linux

DEPENDENCIES
  metacli!
  pg
  sequel
  utils-ruby!

BUNDLED WITH
   2.2.15
